GEM
  remote: https://rubygems.org/
  specs:
    bigdecimal (3.2.2)
    commander (4.5.2)
      highline (~> 2.0.0)
    highline (2.0.3)
    httparty (0.21.0)
      mini_mime (>= 1.0.0)
      multi_xml (>= 0.5.2)
    mini_mime (1.1.5)
    mini_portile2 (2.8.9)
    multi_xml (0.7.2)
      bigdecimal (~> 3.1)
    nokogiri (1.18.9)
      mini_portile2 (~> 2.8.2)
      racc (~> 1.4)
    racc (1.8.1)

PLATFORMS
  ruby

DEPENDENCIES
  commander
  httparty
  nokogiri

BUNDLED WITH
   2.2.15
