GEM
  remote: https://rubygems.org/
  specs:
    commander (4.4.4)
      highline (~> 1.7.2)
    highline (1.7.10)
    httparty (0.16.0)
      multi_xml (>= 0.5.2)
    mini_portile2 (2.3.0)
    multi_xml (0.6.0)
    nokogiri (1.8.2)
      mini_portile2 (~> 2.3.0)

PLATFORMS
  ruby

DEPENDENCIES
  commander
  httparty
  nokogiri

BUNDLED WITH
   1.12.1
